GEM
  specs:
    ffi (1.15.5-x64-mingw32)
    sassc (2.4.0-x64-mingw32)
      ffi (~> 1.9)

PLATFORMS
  x64-mingw32

DEPENDENCIES
  sassc

BUNDLED WITH
   2.2.32
