GEM
  specs:
    ffi (1.15.5-x64-mingw32)
    jekyll-watch (2.2.1)
      listen (~> 3.0)
    listen (3.7.1)
      rb-fsevent (~> 0.10, >= 0.10.3)
      rb-inotify (~> 0.9, >= 0.9.10)
    rb-fsevent (0.11.1)
    rb-inotify (0.10.1)
      ffi (~> 1.0)
    sassc (2.4.0-x64-mingw32)
      ffi (~> 1.9)

PLATFORMS
  x64-mingw32

DEPENDENCIES
  jekyll-watch
  sassc

BUNDLED WITH
   2.2.32
